GEM
  remote: https://rubygems.org/
  specs:
    addressable (2.6.0)
      public_suffix (>= 2.0.2, < 4.0)
    backports (3.11.4)
    dotenv (2.7.4)
    faraday (0.15.4)
      multipart-post (>= 1.2, < 3)
    mini_portile2 (2.4.0)
    multi_json (1.13.1)
    multipart-post (2.1.0)
    mustermann (1.0.3)
    nokogiri (1.10.3)
      mini_portile2 (~> 2.4.0)
    octokit (4.14.0)
      sawyer (~> 0.8.0, >= 0.5.3)
    public_suffix (3.0.3)
    rack (2.0.6)
    rack-protection (2.0.5)
      rack
    redis (4.1.2)
    sawyer (0.8.2)
      addressable (>= 2.3.5)
      faraday (> 0.8, < 2.0)
    sinatra (2.0.5)
      mustermann (~> 1.0)
      rack (~> 2.0)
      rack-protection (= 2.0.5)
      tilt (~> 2.0)
    sinatra-contrib (2.0.5)
      backports (>= 2.8.2)
      multi_json
      mustermann (~> 1.0)
      rack-protection (= 2.0.5)
      sinatra (= 2.0.5)
      tilt (>= 1.3, < 3)
    tilt (2.0.9)

PLATFORMS
  ruby

DEPENDENCIES
  dotenv (~> 2.7)
  nokogiri (~> 1.10)
  octokit (~> 4.14)
  redis (~> 4.1)
  sinatra (~> 2.0.2)
  sinatra-contrib (~> 2.0)

BUNDLED WITH
   2.0.1
